GEM
  remote: https://rubygems.org/
  specs:
    diff-lcs (1.5.0)
    fisk (2.3.1)
    require_relative (1.0.3)
    rspec (3.11.0)
      rspec-core (~> 3.11.0)
      rspec-expectations (~> 3.11.0)
      rspec-mocks (~> 3.11.0)
    rspec-core (3.11.0)
      rspec-support (~> 3.11.0)
    rspec-expectations (3.11.0)
      diff-lcs (>= 1.2.0, < 2.0)
      rspec-support (~> 3.11.0)
    rspec-mocks (3.11.1)
      diff-lcs (>= 1.2.0, < 2.0)
      rspec-support (~> 3.11.0)
    rspec-support (3.11.0)

PLATFORMS
  ruby

DEPENDENCIES
  fisk (~> 2.3)
  require_relative (~> 1.0)
  rspec (~> 3.11)

BUNDLED WITH
   2.1.4
